GEM
  remote: https://rubygems.org/
  specs:
    adsf (1.1.1)
      rack (>= 1.0.0)
    bootstrap-sass (2.3.2.2)
      sass (~> 3.2)
    chunky_png (1.2.9)
    coderay (1.1.0)
    colored (1.2)
    compass (0.12.2)
      chunky_png (~> 1.2)
      fssm (>= 0.2.7)
      sass (~> 3.1)
    cri (2.4.0)
      colored (>= 1.2)
    execjs (2.0.2)
    fssm (0.2.10)
    hike (1.2.3)
    json (1.8.1)
    kramdown (1.2.0)
    libv8 (3.16.14.3)
    mini_portile (0.5.2)
    multi_json (1.8.2)
    mustache (0.99.4)
    nanoc (3.6.5)
      cri (~> 2.3)
    nanoc-cachebuster (0.3.1)
      nanoc (>= 3.3.0)
    nanoc-sprockets-filter (0.1.1)
      nanoc (>= 3.4.0)
      sprockets (>= 2.8.0)
    nokogiri (1.6.0)
      mini_portile (~> 0.5.0)
    rack (1.5.2)
    rake (10.1.0)
    ref (1.0.5)
    sass (3.2.12)
    sprockets (2.10.0)
      hike (~> 1.2)
      multi_json (~> 1.0)
      rack (~> 1.0)
      tilt (~> 1.1, != 1.3.0)
    sprockets-helpers (1.1.0)
      sprockets (~> 2.0)
    sprockets-sass (1.0.2)
      sprockets (~> 2.0)
      tilt (~> 1.1)
    therubyracer (0.12.0)
      libv8 (~> 3.16.14.0)
      ref
    tilt (1.4.1)
    uglifier (2.3.0)
      execjs (>= 0.3.0)
      json (>= 1.8.0)

PLATFORMS
  ruby

DEPENDENCIES
  adsf
  bootstrap-sass (~> 2.3.2.2)
  coderay
  compass
  kramdown (>= 1.2.0)
  multi_json
  mustache
  nanoc
  nanoc-cachebuster
  nanoc-sprockets-filter
  nokogiri
  rake
  sass
  sprockets-helpers
  sprockets-sass
  therubyracer
  uglifier
