GEM
  remote: https://rubygems.org/
  remote: https://rails-assets.org/
  specs:
    activesupport (5.0.0.1)
      concurrent-ruby (~> 1.0, >= 1.0.2)
      i18n (~> 0.7)
      minitest (~> 5.1)
      tzinfo (~> 1.1)
    addressable (2.5.0)
      public_suffix (~> 2.0, >= 2.0.2)
    airbrussh (1.1.1)
      sshkit (>= 1.6.1, != 1.7.0)
    autoprefixer-rails (6.5.3.1)
      execjs
    backports (3.6.8)
    bootstrap-sass (3.3.7)
      autoprefixer-rails (>= 5.2.1)
      sass (>= 3.3.4)
    capistrano (3.6.1)
      airbrussh (>= 1.0.0)
      capistrano-harrow
      i18n
      rake (>= 10.0.0)
      sshkit (>= 1.9.0)
    capistrano-harrow (0.5.3)
    capistrano-rsync-bladrak (1.3.8)
      capistrano (>= 3.0.0.pre14, < 4)
    coffee-script (2.4.1)
      coffee-script-source
      execjs
    coffee-script-source (1.11.1)
    compass-import-once (1.0.5)
      sass (>= 3.2, < 3.5)
    concurrent-ruby (1.0.2)
    contracts (0.13.0)
    dotenv (2.1.1)
    em-websocket (0.5.1)
      eventmachine (>= 0.12.9)
      http_parser.rb (~> 0.6.0)
    erubis (2.7.0)
    eventmachine (1.2.1)
    execjs (2.7.0)
    fast_blank (1.0.0)
    fastimage (2.0.1)
      addressable (~> 2)
    ffi (1.9.14)
    haml (4.0.7)
      tilt
    hamster (3.0.0)
      concurrent-ruby (~> 1.0)
    hashie (3.4.6)
    http_parser.rb (0.6.0)
    i18n (0.7.0)
    kramdown (1.13.1)
    listen (3.0.8)
      rb-fsevent (~> 0.9, >= 0.9.4)
      rb-inotify (~> 0.9, >= 0.9.7)
    memoist (0.15.0)
    middleman (4.1.14)
      coffee-script (~> 2.2)
      compass-import-once (= 1.0.5)
      haml (>= 4.0.5)
      kramdown (~> 1.2)
      middleman-cli (= 4.1.14)
      middleman-core (= 4.1.14)
      sass (>= 3.4.0, < 4.0)
    middleman-cli (4.1.14)
      thor (>= 0.17.0, < 2.0)
    middleman-core (4.1.14)
      activesupport (>= 4.2, < 5.1)
      addressable (~> 2.3)
      backports (~> 3.6)
      bundler (~> 1.1)
      contracts (~> 0.13.0)
      dotenv
      erubis
      execjs (~> 2.0)
      fast_blank
      fastimage (~> 2.0)
      hamster (~> 3.0)
      hashie (~> 3.4)
      i18n (~> 0.7.0)
      listen (~> 3.0.0)
      memoist (~> 0.14)
      padrino-helpers (~> 0.13.0)
      parallel
      rack (>= 1.4.5, < 3)
      sass (>= 3.4)
      servolux
      tilt (~> 2.0)
      uglifier (~> 3.0)
    middleman-gh-pages (0.3.1)
      rake (> 0.9.3)
    middleman-livereload (3.4.6)
      em-websocket (~> 0.5.1)
      middleman-core (>= 3.3)
      rack-livereload (~> 0.3.15)
    middleman-sprockets (4.1.0)
      middleman-core (~> 4.0)
      sprockets (>= 3.0)
    middleman-syntax (3.0.0)
      middleman-core (>= 3.2)
      rouge (~> 2.0)
    minitest (5.10.1)
    net-scp (1.2.1)
      net-ssh (>= 2.6.5)
    net-ssh (3.2.0)
    padrino-helpers (0.13.3.3)
      i18n (~> 0.6, >= 0.6.7)
      padrino-support (= 0.13.3.3)
      tilt (>= 1.4.1, < 3)
    padrino-support (0.13.3.3)
      activesupport (>= 3.1)
    parallel (1.10.0)
    public_suffix (2.0.4)
    rack (2.0.1)
    rack-livereload (0.3.16)
      rack
    rails-assets-bootbox (4.4.0)
      rails-assets-bootstrap (>= 3.0.0)
    rails-assets-bootstrap (3.3.7)
      rails-assets-jquery (>= 1.9.1, < 4)
    rails-assets-font-awesome (4.7.0)
    rails-assets-jquery (1.12.4)
    rails-assets-moment (2.17.1)
    rails-assets-numeral (2.0.0)
    rails-assets-parsleyjs (2.6.0)
      rails-assets-jquery (> 1.8)
    rake (12.0.0)
    rb-fsevent (0.9.8)
    rb-inotify (0.9.7)
      ffi (>= 0.5.0)
    rouge (2.0.7)
    sass (3.4.22)
    servolux (0.12.0)
    sprockets (3.7.0)
      concurrent-ruby (~> 1.0)
      rack (> 1, < 3)
    sshkit (1.11.4)
      net-scp (>= 1.1.2)
      net-ssh (>= 2.8.0)
    thor (0.19.4)
    thread_safe (0.3.5)
    tilt (2.0.5)
    tzinfo (1.2.2)
      thread_safe (~> 0.1)
    uglifier (3.0.4)
      execjs (>= 0.3.0, < 3)

PLATFORMS
  ruby

DEPENDENCIES
  bootstrap-sass (~> 3.3.7)
  capistrano (~> 3.6.1)
  capistrano-rsync-bladrak (~> 1.3.8)
  dotenv (~> 2.1.1)
  middleman (~> 4.1.14)
  middleman-gh-pages (~> 0.3.1)
  middleman-livereload (~> 3.4.6)
  middleman-sprockets (~> 4.1.0)
  middleman-syntax (~> 3.0.0)
  rails-assets-bootbox (~> 4.4.0)!
  rails-assets-font-awesome (~> 4.7.0)!
  rails-assets-jquery (~> 1.12.4)!
  rails-assets-moment (~> 2.17.1)!
  rails-assets-numeral (~> 2.0.0)!
  rails-assets-parsleyjs (~> 2.6.0)!
  tzinfo-data
  wdm (~> 0.1.0)

BUNDLED WITH
   1.11.2
